GEM
  remote: https://rubygems.org/
  specs:
    cinch (2.0.4)
    engtagger (0.1.2)
    extlib (0.9.16)
    faraday (0.8.7)
      multipart-post (~> 1.1)
    hpricot (0.8.6)
    htmlentities (4.3.1)
    json (1.7.7)
    multipart-post (1.2.0)

PLATFORMS
  ruby

DEPENDENCIES
  cinch (~> 2.0.4)
  engtagger (~> 0.1.2)
  extlib (~> 0.9.16)
  faraday (~> 0.8.7)
  hpricot (~> 0.8.6)
  htmlentities (~> 4.3.1)
  json (~> 1.7.7)
